GIT
  remote: git://github.com/TheBigBrainsCompany/capistrano-symfony.git
  revision: 500f51b70a11951474441be5ec764ae92e5d1466
  branch: parameters
  specs:
    capistrano-symfony (0.1.3)
      capistrano (~> 3.1)
      capistrano-composer (~> 0.0.3)

GIT
  remote: git://github.com/capistrano/capistrano.git
  revision: 39e88957610394629af68299e10f6779af25ac79
  branch: master
  specs:
    capistrano (3.2.1)
      highline
      i18n
      rake (>= 10.0.0)
      sshkit (~> 1.3)

GEM
  remote: https://rubygems.org/
  specs:
    capistrano-bower (1.0.0)
      capistrano (~> 3.0)
    capistrano-composer (0.0.4)
      capistrano (>= 3.0.0.pre)
    capistrano-grunt (0.0.4)
      capistrano (>= 3.0.0.pre)
    capistrano-npm (1.0.0)
      capistrano (>= 3.0.0.pre)
    highline (1.6.21)
    i18n (0.6.9)
    net-scp (1.2.0)
      net-ssh (>= 2.6.5)
    net-ssh (2.8.0)
    rake (10.3.1)
    sshkit (1.4.0)
      net-scp (>= 1.1.2)
      net-ssh (>= 2.8.0)
      term-ansicolor
    term-ansicolor (1.3.0)
      tins (~> 1.0)
    tins (1.1.0)

PLATFORMS
  ruby

DEPENDENCIES
  capistrano!
  capistrano-bower
  capistrano-composer
  capistrano-grunt
  capistrano-npm
  capistrano-symfony!
