GIT
  remote: git://github.com/capistrano/capistrano.git
  revision: 6ec76bc9b1e6404f8781d740f44e8247ab4d0bd7
  branch: master
  specs:
    capistrano (3.1.0)
      i18n
      rake (>= 10.0.0)
      sshkit (>= 0.0.23)

GEM
  remote: https://rubygems.org/
  specs:
    capistrano-bower (0.0.2)
      capistrano (>= 3.0.0.pre)
    capistrano-composer (0.0.3)
      capistrano (>= 3.0.0.pre)
    capistrano-grunt (0.0.4)
      capistrano (>= 3.0.0.pre)
    capistrano-npm (0.0.5)
      capistrano (>= 3.0.0.pre)
    capistrano-symfony (0.0.2)
      capistrano (>= 3.0.0.pre)
    i18n (0.6.9)
    net-scp (1.1.2)
      net-ssh (>= 2.6.5)
    net-ssh (2.7.0)
    rake (10.1.1)
    sshkit (1.3.0)
      net-scp (>= 1.1.2)
      net-ssh
      term-ansicolor
    term-ansicolor (1.2.2)
      tins (~> 0.8)
    tins (0.13.1)

PLATFORMS
  ruby

DEPENDENCIES
  capistrano!
  capistrano-bower
  capistrano-composer
  capistrano-grunt
  capistrano-npm
  capistrano-symfony
